GEM
  remote: https://rubygems.org/
  specs:
    CFPropertyList (2.2.8)
    chronic_duration (0.10.6)
      numerizer (~> 0.1.1)
    colorize (0.7.7)
    diff-lcs (1.2.5)
    event_emitter (0.2.5)
    events (0.9.8)
    facter (2.4.6)
      CFPropertyList (~> 2.2.6)
    hiera (3.2.1)
    indentation (0.1.1)
    json_pure (1.8.3)
    komenda (0.1.7)
      events (~> 0.9.8)
    multi_json (1.12.1)
    net-scp (1.2.1)
      net-ssh (>= 2.6.5)
    net-ssh (3.2.0)
    net-telnet (0.1.1)
    numerizer (0.1.1)
    puppet (4.6.2)
      CFPropertyList (~> 2.2.6)
      facter (> 2.0, < 4)
      hiera (>= 2.0, < 4)
      json_pure (~> 1.8)
    puppet-lint (1.1.0)
    puppet-syntax (1.4.1)
      rake
    rake (10.5.0)
    rspec (3.5.0)
      rspec-core (~> 3.5.0)
      rspec-expectations (~> 3.5.0)
      rspec-mocks (~> 3.5.0)
    rspec-core (3.5.4)
      rspec-support (~> 3.5.0)
    rspec-expectations (3.5.0)
      diff-lcs (>= 1.2.0, < 2.0)
      rspec-support (~> 3.5.0)
    rspec-its (1.2.0)
      rspec-core (>= 3.0.0)
      rspec-expectations (>= 3.0.0)
    rspec-mocks (3.5.0)
      diff-lcs (>= 1.2.0, < 2.0)
      rspec-support (~> 3.5.0)
    rspec-support (3.5.0)
    serverspec (2.36.1)
      multi_json
      rspec (~> 3.0)
      rspec-its
      specinfra (~> 2.53)
    sfl (2.3)
    specinfra (2.63.2)
      net-scp
      net-ssh (>= 2.7, < 4.0)
      net-telnet
      sfl

PLATFORMS
  ruby

DEPENDENCIES
  chronic_duration (~> 0.10.6)
  colorize (~> 0.7.7)
  event_emitter (~> 0.2.5)
  indentation (~> 0.1.1)
  komenda (~> 0.1.4)
  net-ssh
  puppet (~> 4.6.2)
  puppet-lint (~> 1.1)
  puppet-syntax (~> 1.4)
  rake (~> 10.4)
  rspec-core (~> 3.1)
  serverspec (~> 2.8)
  specinfra (~> 2.12)

BUNDLED WITH
   1.13.2
