GEM
  remote: https://rubygems.org/
  specs:
    diff-lcs (1.2.5)
    facter (1.7.5)
    hiera (1.3.3)
      json_pure
    highline (1.6.21)
    json_pure (1.8.1)
    net-ssh (2.9.1)
    puppet (3.3.0)
      facter (~> 1.6)
      hiera (~> 1.0)
      rgen (~> 0.6.5)
    puppet-lint (0.3.2)
    rake (10.3.2)
    rgen (0.6.6)
    rspec (2.99.0)
      rspec-core (~> 2.99.0)
      rspec-expectations (~> 2.99.0)
      rspec-mocks (~> 2.99.0)
    rspec-core (2.99.0)
    rspec-expectations (2.99.0)
      diff-lcs (>= 1.1.3, < 2.0)
    rspec-its (1.0.1)
      rspec-core (>= 2.99.0.beta1)
      rspec-expectations (>= 2.99.0.beta1)
    rspec-mocks (2.99.0)
    serverspec (1.7.1)
      highline
      net-ssh
      rspec (~> 2.13)
      rspec-its
      specinfra (~> 1.13)
    specinfra (1.16.0)

PLATFORMS
  ruby

DEPENDENCIES
  puppet (= 3.3.0)
  puppet-lint
  rake
  serverspec
