GEM
  remote: https://rubygems.org/
  specs:
    CFPropertyList (2.2.8)
    diff-lcs (1.2.5)
    facter (2.4.1)
      CFPropertyList (~> 2.2.6)
    hiera (1.3.4)
      json_pure
    json_pure (1.8.2)
    multi_json (1.10.1)
    net-scp (1.2.1)
      net-ssh (>= 2.6.5)
    net-ssh (2.9.2)
    puppet (3.7.4)
      facter (> 1.6, < 3)
      hiera (~> 1.0)
      json_pure
    puppet-lint (1.1.0)
    puppet-syntax (1.4.1)
      rake
    rake (10.4.2)
    rspec (3.2.0)
      rspec-core (~> 3.2.0)
      rspec-expectations (~> 3.2.0)
      rspec-mocks (~> 3.2.0)
    rspec-core (3.2.0)
      rspec-support (~> 3.2.0)
    rspec-expectations (3.2.0)
      diff-lcs (>= 1.2.0, < 2.0)
      rspec-support (~> 3.2.0)
    rspec-its (1.1.0)
      rspec-core (>= 3.0.0)
      rspec-expectations (>= 3.0.0)
    rspec-mocks (3.2.0)
      diff-lcs (>= 1.2.0, < 2.0)
      rspec-support (~> 3.2.0)
    rspec-support (3.2.1)
    serverspec (2.8.2)
      multi_json
      rspec (~> 3.0)
      rspec-its
      specinfra (~> 2.12)
    specinfra (2.12.6)
      net-scp
      net-ssh

PLATFORMS
  ruby

DEPENDENCIES
  puppet (~> 3.7)
  puppet-lint (~> 1.1)
  puppet-syntax (~> 1.4)
  rake (~> 10.4)
  rspec-core (~> 3.1)
  serverspec (~> 2.8)
  specinfra (~> 2.12)
